PATH
  remote: .
  specs:
    jinx-migrate (2.1.1)
      bundler
      fastercsv
      rack

PATH
  remote: /Users/loneyf/workspace/jinx/core
  specs:
    jinx (2.1.1)
      bundler

GEM
  remote: http://rubygems.org/
  specs:
    fastercsv (1.5.4)
    rack (1.4.1)
    rake (0.9.2.2)
    rspec (1.3.2)

PLATFORMS
  java

DEPENDENCIES
  jinx!
  jinx-migrate!
  rake
  rspec (~> 1.3.2)
